GEM
  remote: https://rubygems.org/
  specs:
    net-sftp (2.1.2)
      net-ssh (>= 2.6.5)
    net-ssh (5.0.2)

PLATFORMS
  ruby

DEPENDENCIES
  net-sftp
  net-ssh

BUNDLED WITH
   1.16.2
