GEM
  remote: https://rubygems.org/
  specs:
    coderay (1.1.2)
    dotenv (2.5.0)
    method_source (0.9.0)
    net-sftp (2.1.2)
      net-ssh (>= 2.6.5)
    net-ssh (5.0.2)
    pry (0.11.3)
      coderay (~> 1.1.0)
      method_source (~> 0.9.0)

PLATFORMS
  ruby

DEPENDENCIES
  dotenv
  net-sftp
  net-ssh
  pry

BUNDLED WITH
   1.16.2
